PATH
  remote: .
  specs:
    ruby-riot (0.0.1)
      daybreak
      httparty

GEM
  remote: https://rubygems.org/
  specs:
    addressable (2.3.5)
    ansi (1.4.3)
    columnize (0.3.6)
    crack (0.4.1)
      safe_yaml (~> 0.9.0)
    daybreak (0.3.0)
    debugger (1.6.3)
      columnize (>= 0.3.1)
      debugger-linecache (~> 1.2.0)
      debugger-ruby_core_source (~> 1.2.4)
    debugger-linecache (1.2.0)
    debugger-ruby_core_source (1.2.4)
    httparty (0.12.0)
      json (~> 1.8)
      multi_xml (>= 0.5.2)
    json (1.8.1)
    minitest (4.7.5)
    multi_xml (0.5.5)
    rake (10.1.0)
    safe_yaml (0.9.7)
    turn (0.9.6)
      ansi
    vcr (2.8.0)
    webmock (1.12.1)
      addressable (>= 2.2.7)
      crack (>= 0.3.2)

PLATFORMS
  ruby
  x86-mingw32

DEPENDENCIES
  debugger
  minitest (~> 4)
  rake
  ruby-riot!
  turn
  vcr
  webmock (= 1.12.1)
