PATH
  remote: .
  specs:
    ruby-riot (0.0.1)
      httparty

GEM
  remote: https://rubygems.org/
  specs:
    addressable (2.3.5)
    ansi (1.4.3)
    crack (0.4.1)
      safe_yaml (~> 0.9.0)
    httparty (0.12.0)
      json (~> 1.8)
      multi_xml (>= 0.5.2)
    json (1.8.1)
    minitest (4.7.5)
    multi_xml (0.5.5)
    rake (10.1.0)
    safe_yaml (0.9.7)
    turn (0.9.6)
      ansi
    vcr (2.8.0)
    webmock (1.12.1)
      addressable (>= 2.2.7)
      crack (>= 0.3.2)

PLATFORMS
  ruby

DEPENDENCIES
  minitest (~> 4)
  rake
  ruby-riot!
  turn
  vcr
  webmock (= 1.12.1)
